PATH
  remote: .
  specs:
    with_refinements (0.2.0)

GEM
  remote: https://rubygems.org/
  specs:
    power_assert (1.1.3)
    rake (10.5.0)
    test-unit (3.2.8)
      power_assert

PLATFORMS
  ruby

DEPENDENCIES
  bundler (~> 1.16)
  rake (~> 10.0)
  test-unit
  with_refinements!

BUNDLED WITH
   1.16.2
