PATH
  remote: .
  specs:
    with_refinements (0.2.0)

GEM
  remote: https://rubygems.org/
  specs:
    rake (10.5.0)

PLATFORMS
  ruby

DEPENDENCIES
  bundler (~> 1.16)
  rake (~> 10.0)
  with_refinements!

BUNDLED WITH
   1.16.2
